GEM
  remote: http://rubygems.org/
  specs:
    rack (2.0.8)

PLATFORMS
  ruby

DEPENDENCIES
  rack

RUBY VERSION
   ruby 2.5.1p57

BUNDLED WITH
   2.0.1
